GEM
  remote: https://rubygems.org/
  specs:
    ansi (1.5.0)
    builder (3.2.4)
    minitest (5.15.0)
    minitest-reporters (1.5.0)
      ansi
      builder
      minitest (>= 5.0)
      ruby-progressbar
    rake (13.0.6)
    ruby-progressbar (1.11.0)

PLATFORMS
  ruby

DEPENDENCIES
  minitest-reporters
  rake

RUBY VERSION
   ruby 2.7.3p183

BUNDLED WITH
   2.1.4
